GEM
  remote: http://rubygems.org/
  specs:
    activesupport (3.1.0)
      multi_json (~> 1.0)
    diff-lcs (1.1.3)
    fakeweb (1.3.0)
    git (1.2.5)
    httparty (0.8.0)
      multi_json
      multi_xml
    i18n (0.6.0)
    iconv (0.1)
    jeweler (1.6.4)
      bundler (~> 1.0)
      git (>= 1.2.5)
      rake
    multi_json (1.0.3)
    multi_xml (0.4.1)
    rake (0.9.2)
    rcov (0.9.10)
    rspec (2.3.0)
      rspec-core (~> 2.3.0)
      rspec-expectations (~> 2.3.0)
      rspec-mocks (~> 2.3.0)
    rspec-core (2.3.1)
    rspec-expectations (2.3.0)
      diff-lcs (~> 1.1.2)
    rspec-mocks (2.3.0)

PLATFORMS
  ruby

DEPENDENCIES
  activesupport
  bundler (~> 1.0.0)
  fakeweb
  httparty
  i18n
  iconv
  jeweler (~> 1.6.4)
  rcov
  rspec (~> 2.3.0)
